PATH
  remote: .
  specs:
    xml_to_csv (0.1.0)
      nokogiri (~> 1.6.8)
      thor (~> 0.19.1)

GEM
  remote: https://rubygems.org/
  specs:
    mini_portile2 (2.1.0)
    nokogiri (1.6.8)
      mini_portile2 (~> 2.1.0)
      pkg-config (~> 1.1.7)
    pkg-config (1.1.7)
    rake (10.5.0)
    thor (0.19.1)

PLATFORMS
  ruby

DEPENDENCIES
  bundler (~> 1.12)
  rake (~> 10.0)
  xml_to_csv!

BUNDLED WITH
   1.12.5
